PATH
  remote: .
  specs:
    quick_api (0.0.3)

GEM
  remote: https://rubygems.org/
  specs:
    rake (10.1.0)

PLATFORMS
  ruby

DEPENDENCIES
  bundler (~> 1.3)
  quick_api!
  rake
